PATH
  remote: .
  specs:
    rack-bert-rpc (0.3.0)
      bert
      rack

GEM
  remote: http://rubygems.org/
  specs:
    bert (1.1.2)
    diff-lcs (1.1.2)
    rack (1.2.1)
    rack-test (0.5.6)
      rack (>= 1.0)
    rspec (2.0.1)
      rspec-core (~> 2.0.1)
      rspec-expectations (~> 2.0.1)
      rspec-mocks (~> 2.0.1)
    rspec-core (2.0.1)
    rspec-expectations (2.0.1)
      diff-lcs (>= 1.1.2)
    rspec-mocks (2.0.1)
      rspec-core (~> 2.0.1)
      rspec-expectations (~> 2.0.1)

PLATFORMS
  ruby

DEPENDENCIES
  bert
  bundler (>= 1.0.0)
  rack
  rack-bert-rpc!
  rack-test
  rspec (~> 2.0.1)
